GIT
  remote: git://github.com/hybridgroup/sphero.git
  revision: 052b448fd37c48bd637f8ed33739b1cbbfe9c887
  specs:
    sphero (1.5.2)
      rubyserial (~> 0.1.1)

GEM
  remote: https://rubygems.org/
  specs:
    ffi (1.9.6)
    httpclient (2.4.0)
    json (1.8.1)
    multi_json (1.10.1)
    pusher (0.14.1)
      httpclient (~> 2.3)
      multi_json (~> 1.0)
      signature (~> 0.1.6)
    pusher-client (0.6.0)
      json
      websocket (~> 1.0)
    rubyserial (0.1.2)
      ffi (~> 1.9.3)
    signature (0.1.7)
    websocket (1.2.1)

PLATFORMS
  ruby

DEPENDENCIES
  pusher
  pusher-client
  sphero!
