GEM
  remote: https://rubygems.org/
  specs:
    artoo (1.8.0)
      celluloid (>= 0.16.0.pre)
      celluloid-io (>= 0.16.0.pre)
      http (~> 0.6.1)
      multi_json (~> 1.10.1)
      pry (~> 0.9.0)
      rake
      reel (~> 0.5.0)
      robeaux (= 0.2.0)
      thor (~> 0.19.1)
    artoo-sphero (1.5.0)
      artoo (>= 1.7.0)
      sphero (>= 1.5.1)
    celluloid (0.16.0)
      timers (~> 4.0.0)
    celluloid-io (0.16.1)
      celluloid (>= 0.16.0)
      nio4r (>= 1.0.0)
    coderay (1.1.0)
    ffi (1.9.6)
    hitimes (1.2.2)
    http (0.6.3)
      http_parser.rb (~> 0.6.0)
    http_parser.rb (0.6.0)
    httpclient (2.4.0)
    json (1.8.1)
    method_source (0.8.2)
    multi_json (1.10.1)
    nio4r (1.0.0)
    pry (0.9.12.6)
      coderay (~> 1.0)
      method_source (~> 0.8)
      slop (~> 3.4)
    pusher (0.14.1)
      httpclient (~> 2.3)
      multi_json (~> 1.0)
      signature (~> 0.1.6)
    pusher-client (0.6.0)
      json
      websocket (~> 1.0)
    rake (10.3.2)
    reel (0.5.0)
      celluloid (>= 0.15.1)
      celluloid-io (>= 0.15.0)
      http (>= 0.6.0.pre)
      http_parser.rb (>= 0.6.0)
      websocket_parser (>= 0.1.6)
    robeaux (0.2.0)
    rubyserial (0.1.2)
      ffi (~> 1.9.3)
    signature (0.1.7)
    slop (3.6.0)
    sphero (1.5.2)
      rubyserial (~> 0.1.1)
    thor (0.19.1)
    timers (4.0.1)
      hitimes
    websocket (1.2.1)
    websocket_parser (0.1.6)

PLATFORMS
  ruby

DEPENDENCIES
  artoo
  artoo-sphero
  pusher
  pusher-client
